GEM
  remote: https://rubygems.org/
  specs:
    base64 (0.2.0)
    date (3.3.4)
    json (2.7.2)
    mini_magick (4.12.0)
    mustermann (3.0.0)
      ruby2_keywords (~> 0.0.1)
    net-http (0.4.1)
      uri
    open-uri (0.4.1)
      stringio
      time
      uri
    rack (3.0.11)
    rack-protection (4.0.0)
      base64 (>= 0.1.0)
      rack (>= 3.0.0, < 4)
    rack-session (2.0.0)
      rack (>= 3.0.0)
    rackup (2.1.0)
      rack (>= 3)
      webrick (~> 1.8)
    ruby2_keywords (0.0.5)
    sinatra (4.0.0)
      mustermann (~> 3.0)
      rack (>= 3.0.0, < 4)
      rack-protection (= 4.0.0)
      rack-session (>= 2.0.0, < 3)
      tilt (~> 2.0)
    stringio (3.1.0)
    tilt (2.3.0)
    time (0.3.0)
      date
    uri (0.13.0)
    webrick (1.8.1)

PLATFORMS
  ruby
  x86_64-darwin-23

DEPENDENCIES
  json
  mini_magick
  net-http
  open-uri
  rack
  rackup
  sinatra

BUNDLED WITH
   2.5.6
